PATH
  remote: .
  specs:
    tegon-money (0.0.1)

GEM
  remote: https://rubygems.org/
  specs:
    minitest (5.10.1)

PLATFORMS
  ruby

DEPENDENCIES
  minitest (= 5.10.1)
  tegon-money!

BUNDLED WITH
   1.13.7
