PATH
  remote: .
  specs:
    money (0.0.1)

GEM
  remote: https://rubygems.org/
  specs:
    minitest (5.10.1)
    rake (12.0.0)

PLATFORMS
  ruby

DEPENDENCIES
  minitest (= 5.10.1)
  money!
  rake (= 12.0.0)

BUNDLED WITH
   1.13.7
